PATH
  remote: .
  specs:
    usual_suspect (1.0.0)
      geocoder (~> 1.8.2)

GEM
  remote: https://rubygems.org/
  specs:
    diff-lcs (1.5.0)
    geocoder (1.8.2)
    rake (13.1.0)
    rspec (3.12.0)
      rspec-core (~> 3.12.0)
      rspec-expectations (~> 3.12.0)
      rspec-mocks (~> 3.12.0)
    rspec-core (3.12.2)
      rspec-support (~> 3.12.0)
    rspec-expectations (3.12.3)
      diff-lcs (>= 1.2.0, < 2.0)
      rspec-support (~> 3.12.0)
    rspec-mocks (3.12.6)
      diff-lcs (>= 1.2.0, < 2.0)
      rspec-support (~> 3.12.0)
    rspec-support (3.12.1)

PLATFORMS
  x86_64-darwin-18
  x86_64-linux

DEPENDENCIES
  geocoder (~> 1.8.2)
  rake (~> 13.0)
  rspec (~> 3.0)
  usual_suspect!

BUNDLED WITH
   2.2.20
